GEM
  remote: https://rubygems.org/
  specs:
    asciidoctor (0.1.3)
    rake (10.0.4)

PLATFORMS
  ruby

DEPENDENCIES
  asciidoctor
  rake
